GEM
  remote: https://rubygems.org/
  specs:
    blankslate (3.1.3)
    jimson (0.10.0)
      blankslate (~> 3.1.2)
      multi_json (~> 1.7.6)
      rack (~> 1.4.5)
      rest-client (~> 1.6.7)
    json (1.8.2)
    mime-types (1.25.1)
    multi_json (1.7.9)
    rack (1.4.5)
    rdoc (4.2.0)
      json (~> 1.4)
    rest-client (1.6.8)
      mime-types (~> 1.16)
      rdoc (>= 2.4.2)

PLATFORMS
  x86-mingw32

DEPENDENCIES
  jimson (~> 0.10.0)
