GEM
  remote: https://rubygems.org/
  specs:
    blankslate (3.1.3)
    jimson (0.10.0)
      blankslate (~> 3.1.2)
      multi_json (~> 1.7.6)
      rack (~> 1.4.5)
      rest-client (~> 1.6.7)
    mime-types (1.25.1)
    mini_magick (4.8.0)
    multi_json (1.7.9)
    rack (1.4.7)
    rest-client (1.6.9)
      mime-types (~> 1.16)

PLATFORMS
  ruby
  x86-mingw32

DEPENDENCIES
  jimson (~> 0.10.0)
  mini_magick

BUNDLED WITH
   1.16.1
